GEM
  remote: https://rubygems.org/
  specs:
    execjs (2.7.0)
    uglifier (4.1.19)
      execjs (>= 0.3.0, < 3)

PLATFORMS
  ruby

DEPENDENCIES
  uglifier

BUNDLED WITH
   1.16.3
